GEM
  remote: http://rubygems.org/
  specs:
    activesupport (3.2.1)
      i18n (~> 0.6)
      multi_json (~> 1.0)
    builder (3.0.0)
    chunky_png (1.3.1)
    coderay (1.1.0)
    compass (0.12.2)
      chunky_png (~> 1.2)
      fssm (>= 0.2.7)
      sass (~> 3.1)
    cri (2.2.0)
    fssm (0.2.10)
    i18n (0.6.0)
    json (1.8.1)
    method_source (0.8.2)
    mime-types (1.17.2)
    multi_json (1.1.0)
    nanoc (3.3.1)
      cri (~> 2.1)
    nokogiri (1.5.0)
    pry (0.10.1)
      coderay (~> 1.1.0)
      method_source (~> 0.8.1)
      slop (~> 3.4)
    rack (1.4.1)
    rake (0.9.2.2)
    rdiscount (1.6.8)
    sass (3.1.21)
    slop (3.6.0)
    w3c_validators (1.2)
      json
      nokogiri

PLATFORMS
  ruby

DEPENDENCIES
  activesupport
  builder
  compass (~> 0.12)
  cri
  mime-types
  nanoc
  nokogiri
  pry
  rack
  rake
  rdiscount
  sass (~> 3.1.18)
  w3c_validators
