GEM
  remote: http://rubygems.org/
  specs:
    activesupport (3.2.1)
      i18n (~> 0.6)
      multi_json (~> 1.0)
    builder (3.0.0)
    cri (2.2.0)
    haml (3.1.4)
    i18n (0.6.0)
    mime-types (1.17.2)
    multi_json (1.1.0)
    nanoc (3.3.1)
      cri (~> 2.1)
    nokogiri (1.5.0)
    rack (1.4.1)
    rake (0.9.2.2)
    rdiscount (1.6.8)

PLATFORMS
  ruby

DEPENDENCIES
  activesupport
  builder
  cri
  haml
  mime-types
  nanoc
  nokogiri
  rack
  rake
  rdiscount
